GEM
  specs:
    concurrent-ruby (1.3.4)
    tzinfo (2.0.6)
      concurrent-ruby (~> 1.0)

PLATFORMS
  arm64-darwin-24
  ruby

DEPENDENCIES
  tzinfo

BUNDLED WITH
   2.5.18
